RESTRICTION: == net452
NUGET
  remote: https://www.nuget.org/api/v2
    Castle.Core (4.3.1)
    Castle.Core-log4net (4.3.1)
      Castle.Core (4.3.1)
      log4net (>= 2.0.8)
    Castle.LoggingFacility (4.1)
      Castle.Windsor (4.1)
    Castle.Windsor (4.1)
      Castle.Core (>= 4.2)
    dbup (4.1)
      dbup-sqlserver (>= 4.1)
    dbup-core (4.1)
    dbup-sqlserver (4.1)
      dbup-core (>= 4.1)
    Foq (1.8)
      FSharp.Core (>= 3.0.2)
      System.ValueTuple (>= 4.3.1)
    FSharp.Core (4.5.2)
    FSharp.Data (2.4.6)
    FSharp.Data.Xsd (1.0.2)
    log4net (2.0.8)
    System.Data.SQLite.Core (1.0.109.1)
    System.ValueTuple (4.5)
    xunit (2.4)
      xunit.analyzers (>= 0.10)
      xunit.assert (2.4)
      xunit.core (2.4)
    xunit.abstractions (2.0.3)
    xunit.analyzers (0.10)
    xunit.assert (2.4)
    xunit.core (2.4)
      xunit.extensibility.core (2.4)
      xunit.extensibility.execution (2.4)
    xunit.extensibility.core (2.4)
      xunit.abstractions (>= 2.0.2)
    xunit.extensibility.execution (2.4)
      xunit.extensibility.core (2.4)
    xunit.runner.console (2.4)
    xunit.runner.visualstudio (2.4)
